PATH
  remote: .
  specs:
    fx_u_like (0.1.0.pre)
      nokogiri (~> 1.7)
      sinatra (~> 1.4)

GEM
  remote: https://rubygems.org/
  specs:
    mini_portile2 (2.1.0)
    nokogiri (1.7.1)
      mini_portile2 (~> 2.1.0)
    rack (1.6.5)
    rack-protection (1.5.3)
      rack
    rake (12.0.0)
    sinatra (1.4.8)
      rack (~> 1.5)
      rack-protection (~> 1.4)
      tilt (>= 1.3, < 3)
    tilt (2.0.7)

PLATFORMS
  ruby

DEPENDENCIES
  bundler (~> 1.14)
  fx_u_like!
  rake (~> 12.0)

BUNDLED WITH
   1.14.6
